GEM
  remote: https://rubygems.org/
  specs:
    actioncable (8.0.1)
      actionpack (= 8.0.1)
      activesupport (= 8.0.1)
      nio4r (~> 2.0)
      websocket-driver (>= 0.6.1)
      zeitwerk (~> 2.6)
    actionmailbox (8.0.1)
      actionpack (= 8.0.1)
      activejob (= 8.0.1)
      activerecord (= 8.0.1)
      activestorage (= 8.0.1)
      activesupport (= 8.0.1)
      mail (>= 2.8.0)
    actionmailer (8.0.1)
      actionpack (= 8.0.1)
      actionview (= 8.0.1)
      activejob (= 8.0.1)
      activesupport (= 8.0.1)
      mail (>= 2.8.0)
      rails-dom-testing (~> 2.2)
    actionpack (8.0.1)
      actionview (= 8.0.1)
      activesupport (= 8.0.1)
      nokogiri (>= 1.8.5)
      rack (>= 2.2.4)
      rack-session (>= 1.0.1)
      rack-test (>= 0.6.3)
      rails-dom-testing (~> 2.2)
      rails-html-sanitizer (~> 1.6)
      useragent (~> 0.16)
    actiontext (8.0.1)
      actionpack (= 8.0.1)
      activerecord (= 8.0.1)
      activestorage (= 8.0.1)
      activesupport (= 8.0.1)
      globalid (>= 0.6.0)
      nokogiri (>= 1.8.5)
    actionview (8.0.1)
      activesupport (= 8.0.1)
      builder (~> 3.1)
      erubi (~> 1.11)
      rails-dom-testing (~> 2.2)
      rails-html-sanitizer (~> 1.6)
    activejob (8.0.1)
      activesupport (= 8.0.1)
      globalid (>= 0.3.6)
    activemodel (8.0.1)
      activesupport (= 8.0.1)
    activerecord (8.0.1)
      activemodel (= 8.0.1)
      activesupport (= 8.0.1)
      timeout (>= 0.4.0)
    activestorage (8.0.1)
      actionpack (= 8.0.1)
      activejob (= 8.0.1)
      activerecord (= 8.0.1)
      activesupport (= 8.0.1)
      marcel (~> 1.0)
    activesupport (8.0.1)
      base64
      benchmark (>= 0.3)
      bigdecimal
      concurrent-ruby (~> 1.0, >= 1.3.1)
      connection_pool (>= 2.2.5)
      drb
      i18n (>= 1.6, < 2)
      logger (>= 1.4.2)
      minitest (>= 5.1)
      securerandom (>= 0.3)
      tzinfo (~> 2.0, >= 2.0.5)
      uri (>= 0.13.1)
    addressable (2.8.7)
      public_suffix (>= 2.0.2, < 7.0)
    aes_key_wrap (1.1.0)
    ast (2.4.2)
    attr_required (1.0.2)
    aws-eventstream (1.3.1)
    aws-partitions (1.1056.0)
    aws-sdk-core (3.219.0)
      aws-eventstream (~> 1, >= 1.3.0)
      aws-partitions (~> 1, >= 1.992.0)
      aws-sigv4 (~> 1.9)
      base64
      jmespath (~> 1, >= 1.6.1)
    aws-sdk-kms (1.99.0)
      aws-sdk-core (~> 3, >= 3.216.0)
      aws-sigv4 (~> 1.5)
    aws-sdk-s3 (1.182.0)
      aws-sdk-core (~> 3, >= 3.216.0)
      aws-sdk-kms (~> 1)
      aws-sigv4 (~> 1.5)
    aws-sigv4 (1.11.0)
      aws-eventstream (~> 1, >= 1.0.2)
    base64 (0.2.0)
    bcrypt (3.1.20)
    benchmark (0.4.0)
    better_html (2.1.1)
      actionview (>= 6.0)
      activesupport (>= 6.0)
      ast (~> 2.0)
      erubi (~> 1.4)
      parser (>= 2.4)
      smart_properties
    bigdecimal (3.1.9)
    bindata (2.5.0)
    bindex (0.8.1)
    bootsnap (1.18.4)
      msgpack (~> 1.2)
    builder (3.3.0)
    capybara (3.40.0)
      addressable
      matrix
      mini_mime (>= 0.1.3)
      nokogiri (~> 1.11)
      rack (>= 1.6.0)
      rack-test (>= 0.6.3)
      regexp_parser (>= 1.5, < 3.0)
      xpath (~> 3.2)
    childprocess (5.1.0)
      logger (~> 1.5)
    concurrent-ruby (1.3.5)
    connection_pool (2.5.0)
    crack (1.0.0)
      bigdecimal
      rexml
    crass (1.0.6)
    cssbundling-rails (1.4.2)
      railties (>= 6.0.0)
    csv (3.3.2)
    date (3.4.1)
    debug (1.10.0)
      irb (~> 1.10)
      reline (>= 0.3.8)
    devise (4.9.4)
      bcrypt (~> 3.0)
      orm_adapter (~> 0.1)
      railties (>= 4.1.0)
      responders
      warden (~> 1.2.3)
    diff-lcs (1.6.0)
    discard (1.4.0)
      activerecord (>= 4.2, < 9.0)
    docile (1.4.1)
    dotenv (3.1.7)
    drb (2.2.1)
    email_validator (2.2.4)
      activemodel
    erb_lint (0.9.0)
      activesupport
      better_html (>= 2.0.1)
      parser (>= 2.7.1.4)
      rainbow
      rubocop (>= 1)
      smart_properties
    erubi (1.13.1)
    et-orbi (1.2.11)
      tzinfo
    factory_bot (6.5.1)
      activesupport (>= 6.1.0)
    factory_bot_rails (6.4.4)
      factory_bot (~> 6.5)
      railties (>= 5.0.0)
    faraday (2.12.2)
      faraday-net_http (>= 2.0, < 3.5)
      json
      logger
    faraday-follow_redirects (0.3.0)
      faraday (>= 1, < 3)
    faraday-net_http (3.4.0)
      net-http (>= 0.5.0)
    fugit (1.11.1)
      et-orbi (~> 1, >= 1.2.11)
      raabro (~> 1.4)
    globalid (1.2.1)
      activesupport (>= 6.1)
    govuk-components (5.8.0)
      html-attributes-utils (~> 1.0.0, >= 1.0.0)
      pagy (>= 6, < 10)
      view_component (>= 3.18, < 3.22)
    govuk_design_system_formbuilder (5.8.0)
      actionview (>= 6.1)
      activemodel (>= 6.1)
      activesupport (>= 6.1)
      html-attributes-utils (~> 1)
    hashdiff (1.1.2)
    hashie (5.0.0)
    highline (3.1.2)
      reline
    html-attributes-utils (1.0.2)
      activesupport (>= 6.1.4.4)
    i18n (1.14.7)
      concurrent-ruby (~> 1.0)
    i18n-tasks (1.0.14)
      activesupport (>= 4.0.2)
      ast (>= 2.1.0)
      erubi
      highline (>= 2.0.0)
      i18n
      parser (>= 3.2.2.1)
      rails-i18n
      rainbow (>= 2.2.2, < 4.0)
      terminal-table (>= 1.5.1)
    iniparse (1.5.0)
    io-console (0.8.0)
    irb (1.15.1)
      pp (>= 0.6.0)
      rdoc (>= 4.0.0)
      reline (>= 0.4.2)
    jmespath (1.6.2)
    jsbundling-rails (1.3.1)
      railties (>= 6.0.0)
    json (2.10.1)
    json-jwt (1.16.7)
      activesupport (>= 4.2)
      aes_key_wrap
      base64
      bindata
      faraday (~> 2.0)
      faraday-follow_redirects
    jwt (2.10.1)
      base64
    language_server-protocol (3.17.0.4)
    logger (1.6.6)
    loofah (2.24.0)
      crass (~> 1.0.2)
      nokogiri (>= 1.12.0)
    mail (2.8.1)
      mini_mime (>= 0.1.1)
      net-imap
      net-pop
      net-smtp
    marcel (1.0.4)
    matrix (0.4.2)
    method_source (1.1.0)
    mini_mime (1.1.5)
    mini_portile2 (2.8.8)
    minitest (5.25.4)
    msgpack (1.8.0)
    multi_xml (0.7.1)
      bigdecimal (~> 3.1)
    nesty (1.0.2)
    net-http (0.6.0)
      uri
    net-imap (0.5.6)
      date
      net-protocol
    net-pop (0.1.2)
      net-protocol
    net-protocol (0.2.2)
      timeout
    net-smtp (0.5.1)
      net-protocol
    nio4r (2.7.4)
    nokogiri (1.18.3)
      mini_portile2 (~> 2.8.2)
      racc (~> 1.4)
    nokogiri (1.18.3-x86_64-darwin)
      racc (~> 1.4)
    oauth2 (2.0.9)
      faraday (>= 0.17.3, < 3.0)
      jwt (>= 1.0, < 3.0)
      multi_xml (~> 0.5)
      rack (>= 1.2, < 4)
      snaky_hash (~> 2.0)
      version_gem (~> 1.1)
    omniauth (2.1.2)
      hashie (>= 3.4.6)
      rack (>= 2.2.3)
      rack-protection
    omniauth-rails_csrf_protection (1.0.2)
      actionpack (>= 4.2)
      omniauth (~> 2.0)
    omniauth_openid_connect (0.8.0)
      omniauth (>= 1.9, < 3)
      openid_connect (~> 2.2)
    openid_connect (2.3.1)
      activemodel
      attr_required (>= 1.0.0)
      email_validator
      faraday (~> 2.0)
      faraday-follow_redirects
      json-jwt (>= 1.16)
      mail
      rack-oauth2 (~> 2.2)
      swd (~> 2.0)
      tzinfo
      validate_url
      webfinger (~> 2.0)
    orm_adapter (0.5.0)
    overcommit (0.67.0)
      childprocess (>= 0.6.3, < 6)
      iniparse (~> 1.4)
      rexml (>= 3.3.9)
    pagy (9.3.3)
    parallel (1.26.3)
    parser (3.3.7.1)
      ast (~> 2.4.1)
      racc
    pg (1.5.9)
    pp (0.6.2)
      prettyprint
    prettier_print (1.2.1)
    prettyprint (0.2.0)
    propshaft (1.1.0)
      actionpack (>= 7.0.0)
      activesupport (>= 7.0.0)
      rack
      railties (>= 7.0.0)
    psych (5.2.3)
      date
      stringio
    public_suffix (6.0.1)
    puma (6.6.0)
      nio4r (~> 2.0)
    raabro (1.4.0)
    racc (1.8.1)
    rack (3.1.10)
    rack-oauth2 (2.2.1)
      activesupport
      attr_required
      faraday (~> 2.0)
      faraday-follow_redirects
      json-jwt (>= 1.11.0)
      rack (>= 2.1.0)
    rack-protection (4.1.1)
      base64 (>= 0.1.0)
      logger (>= 1.6.0)
      rack (>= 3.0.0, < 4)
    rack-session (2.1.0)
      base64 (>= 0.1.0)
      rack (>= 3.0.0)
    rack-test (2.2.0)
      rack (>= 1.3)
    rackup (2.2.1)
      rack (>= 3)
    rails (8.0.1)
      actioncable (= 8.0.1)
      actionmailbox (= 8.0.1)
      actionmailer (= 8.0.1)
      actionpack (= 8.0.1)
      actiontext (= 8.0.1)
      actionview (= 8.0.1)
      activejob (= 8.0.1)
      activemodel (= 8.0.1)
      activerecord (= 8.0.1)
      activestorage (= 8.0.1)
      activesupport (= 8.0.1)
      bundler (>= 1.15.0)
      railties (= 8.0.1)
    rails-controller-testing (1.0.5)
      actionpack (>= 5.0.1.rc1)
      actionview (>= 5.0.1.rc1)
      activesupport (>= 5.0.1.rc1)
    rails-dom-testing (2.2.0)
      activesupport (>= 5.0.0)
      minitest
      nokogiri (>= 1.6)
    rails-html-sanitizer (1.6.2)
      loofah (~> 2.21)
      nokogiri (>= 1.15.7, != 1.16.7, != 1.16.6, != 1.16.5, != 1.16.4, != 1.16.3, != 1.16.2, != 1.16.1, != 1.16.0.rc1, != 1.16.0)
    rails-i18n (8.0.1)
      i18n (>= 0.7, < 2)
      railties (>= 8.0.0, < 9)
    railties (8.0.1)
      actionpack (= 8.0.1)
      activesupport (= 8.0.1)
      irb (~> 1.13)
      rackup (>= 1.0.0)
      rake (>= 12.2)
      thor (~> 1.0, >= 1.2.2)
      zeitwerk (~> 2.6)
    rainbow (3.1.1)
    rake (13.2.1)
    rdoc (6.12.0)
      psych (>= 4.0.0)
    redis-client (0.23.2)
      connection_pool
    regexp_parser (2.10.0)
    reline (0.6.0)
      io-console (~> 0.5)
    responders (3.1.1)
      actionpack (>= 5.2)
      railties (>= 5.2)
    rexml (3.4.1)
    rspec (3.13.0)
      rspec-core (~> 3.13.0)
      rspec-expectations (~> 3.13.0)
      rspec-mocks (~> 3.13.0)
    rspec-core (3.13.3)
      rspec-support (~> 3.13.0)
    rspec-expectations (3.13.3)
      diff-lcs (>= 1.2.0, < 2.0)
      rspec-support (~> 3.13.0)
    rspec-html-matchers (0.10.0)
      nokogiri (~> 1)
      rspec (>= 3.0.0.a)
    rspec-mocks (3.13.2)
      diff-lcs (>= 1.2.0, < 2.0)
      rspec-support (~> 3.13.0)
    rspec-rails (7.1.1)
      actionpack (>= 7.0)
      activesupport (>= 7.0)
      railties (>= 7.0)
      rspec-core (~> 3.13)
      rspec-expectations (~> 3.13)
      rspec-mocks (~> 3.13)
      rspec-support (~> 3.13)
    rspec-support (3.13.2)
    rubocop (1.70.0)
      json (~> 2.3)
      language_server-protocol (>= 3.17.0)
      parallel (~> 1.10)
      parser (>= 3.3.0.2)
      rainbow (>= 2.2.2, < 4.0)
      regexp_parser (>= 2.9.3, < 3.0)
      rubocop-ast (>= 1.36.2, < 2.0)
      ruby-progressbar (~> 1.7)
      unicode-display_width (>= 2.4.0, < 4.0)
    rubocop-ast (1.37.0)
      parser (>= 3.3.1.0)
    rubocop-capybara (2.21.0)
      rubocop (~> 1.41)
    rubocop-govuk (5.0.8)
      rubocop (= 1.70.0)
      rubocop-ast (= 1.37.0)
      rubocop-capybara (= 2.21.0)
      rubocop-rails (= 2.28.0)
      rubocop-rake (= 0.6.0)
      rubocop-rspec (= 3.3.0)
    rubocop-performance (1.23.1)
      rubocop (>= 1.48.1, < 2.0)
      rubocop-ast (>= 1.31.1, < 2.0)
    rubocop-rails (2.28.0)
      activesupport (>= 4.2.0)
      rack (>= 1.1)
      rubocop (>= 1.52.0, < 2.0)
      rubocop-ast (>= 1.31.1, < 2.0)
    rubocop-rake (0.6.0)
      rubocop (~> 1.0)
    rubocop-rspec (3.3.0)
      rubocop (~> 1.61)
    ruby-progressbar (1.13.0)
    rubyzip (2.4.1)
    rufus-scheduler (3.9.2)
      fugit (~> 1.1, >= 1.11.1)
    securerandom (0.4.1)
    selenium-webdriver (4.29.1)
      base64 (~> 0.2)
      logger (~> 1.4)
      rexml (~> 3.2, >= 3.2.5)
      rubyzip (>= 1.2.2, < 3.0)
      websocket (~> 1.0)
    sentry-rails (5.22.4)
      railties (>= 5.0)
      sentry-ruby (~> 5.22.4)
    sentry-ruby (5.22.4)
      bigdecimal
      concurrent-ruby (~> 1.0, >= 1.0.2)
    sidekiq (7.3.9)
      base64
      connection_pool (>= 2.3.0)
      logger
      rack (>= 2.2.4)
      redis-client (>= 0.22.2)
    sidekiq-scheduler (5.0.6)
      rufus-scheduler (~> 3.2)
      sidekiq (>= 6, < 8)
      tilt (>= 1.4.0, < 3)
    simplecov (0.22.0)
      docile (~> 1.1)
      simplecov-html (~> 0.11)
      simplecov_json_formatter (~> 0.1)
    simplecov-html (0.13.1)
    simplecov_json_formatter (0.1.4)
    smart_properties (1.17.0)
    snaky_hash (2.0.1)
      hashie
      version_gem (~> 1.1, >= 1.1.1)
    stringio (3.1.5)
    swd (2.0.3)
      activesupport (>= 3)
      attr_required (>= 0.0.5)
      faraday (~> 2.0)
      faraday-follow_redirects
    terminal-table (4.0.0)
      unicode-display_width (>= 1.1.1, < 4)
    thor (1.3.2)
    tilt (2.6.0)
    timeout (0.4.3)
    tzinfo (2.0.6)
      concurrent-ruby (~> 1.0)
    unicode-display_width (3.1.4)
      unicode-emoji (~> 4.0, >= 4.0.4)
    unicode-emoji (4.0.4)
    uri (1.0.3)
    useragent (0.16.11)
    validate_url (1.0.15)
      activemodel (>= 3.0.0)
      public_suffix
    version_gem (1.1.6)
    view_component (3.21.0)
      activesupport (>= 5.2.0, < 8.1)
      concurrent-ruby (~> 1.0)
      method_source (~> 1.0)
    warden (1.2.9)
      rack (>= 2.0.9)
    web-console (4.2.1)
      actionview (>= 6.0.0)
      activemodel (>= 6.0.0)
      bindex (>= 0.4.0)
      railties (>= 6.0.0)
    webfinger (2.1.3)
      activesupport
      faraday (~> 2.0)
      faraday-follow_redirects
    webmock (3.25.0)
      addressable (>= 2.8.0)
      crack (>= 0.3.2)
      hashdiff (>= 0.4.0, < 2.0.0)
    websocket (1.2.11)
    websocket-driver (0.7.7)
      base64
      websocket-extensions (>= 0.1.0)
    websocket-extensions (0.1.5)
    xpath (3.2.0)
      nokogiri (~> 1.8)
    zeitwerk (2.7.2)

PLATFORMS
  ruby
  x86_64-darwin

DEPENDENCIES
  aws-sdk-s3
  bootsnap
  capybara
  cssbundling-rails
  csv
  debug
  devise
  discard (~> 1.4)
  dotenv
  erb_lint
  factory_bot_rails
  govuk-components
  govuk_design_system_formbuilder
  i18n-tasks
  jsbundling-rails
  nesty
  oauth2
  omniauth-rails_csrf_protection
  omniauth_openid_connect
  overcommit
  pg (~> 1.5)
  prettier_print
  propshaft
  puma (~> 6.6)
  rails (~> 8.0.1)
  rails-controller-testing
  rspec
  rspec-html-matchers
  rspec-rails
  rubocop-govuk
  rubocop-performance
  selenium-webdriver
  sentry-rails
  sentry-ruby
  sidekiq
  sidekiq-scheduler
  simplecov
  tzinfo-data
  web-console
  webmock

RUBY VERSION
   ruby 3.4.1p0

BUNDLED WITH
   2.6.2
